GIT
  remote: http://github.com/axsh/trema.git
  revision: 3fb412080e5a98764da45a4ac780761974ec5f55
  branch: wakame-edge
  specs:
    trema (0.1.0)
      gli (= 2.0.0)
      rake

GEM
  remote: http://rubygems.org/
  specs:
    backports (3.3.0)
    bit-struct (0.14)
    celluloid (0.13.0)
      timers (>= 1.0.0)
    celluloid-io (0.13.1)
      celluloid (>= 0.13.0)
      nio4r (>= 0.4.0)
    celluloid-zmq (0.14.0)
      celluloid (>= 0.13.0)
      ffi
      ffi-rzmq
    certified (0.1.1)
    dcell (0.14.0)
      celluloid (>= 0.13.0)
      celluloid-zmq (>= 0.13.0)
      redis
      redis-namespace
      reel
    eventmachine (1.0.3)
    ffi (1.8.1)
    ffi-rzmq (1.0.1)
      ffi
    fuguta (1.0)
    gli (2.0.0)
    http (0.4.0)
      certified
      http_parser.rb
    http_parser.rb (0.5.3)
    json (1.8.0)
    kgio (2.8.0)
    mysql (2.9.1)
    nio4r (0.4.5)
    rack (1.5.2)
    rack-cors (0.2.7)
      rack
    rack-protection (1.5.0)
      rack
    rack-test (0.6.2)
      rack (>= 1.0)
    racket (1.0.12)
      bit-struct
    raindrops (0.11.0)
    rake (10.0.4)
    rant (0.5.9)
    redis (3.0.4)
    redis-namespace (1.3.0)
      redis (~> 3.0.0)
    reel (0.3.0)
      celluloid-io (>= 0.8.0)
      http (>= 0.2.0)
      http_parser.rb (>= 0.5.3)
      rack (>= 1.4.0)
      websocket_parser (>= 0.1.0)
    sequel (3.47.0)
    sinatra (1.4.2)
      rack (~> 1.5, >= 1.5.2)
      rack-protection (~> 1.4)
      tilt (~> 1.3, >= 1.3.4)
    sinatra-contrib (1.4.0)
      backports (>= 2.0)
      eventmachine
      rack-protection
      rack-test
      sinatra (~> 1.4.2)
      tilt (~> 1.3)
    tilt (1.4.1)
    timers (1.1.0)
    unicorn (4.6.2)
      kgio (~> 2.6)
      rack
      raindrops (~> 0.7)
    websocket_parser (0.1.2)
      http

PLATFORMS
  ruby

DEPENDENCIES
  bit-struct (>= 0.13.7)
  celluloid (= 0.13.0)
  celluloid-io (= 0.13.1)
  dcell
  fuguta
  json
  mysql
  rack
  rack-cors
  racket (>= 1.0.12)
  rant (= 0.5.9)
  sequel
  sinatra
  sinatra-contrib
  trema!
  unicorn
