GIT
  remote: http://github.com/axsh/trema.git
  revision: c338d1b6b628df7fa24e10f38ab4842b3db0da3d
  branch: wakame-edge
  specs:
    trema (0.1.0)
      gli (= 2.0.0)
      rake

GEM
  remote: http://rubygems.org/
  specs:
    backports (3.3.0)
    bit-struct (0.14)
    celluloid (0.13.0)
      timers (>= 1.0.0)
    celluloid-io (0.13.1)
      celluloid (>= 0.13.0)
      nio4r (>= 0.4.0)
    eventmachine (1.0.3)
    gli (2.0.0)
    json (1.7.7)
    kgio (2.8.0)
    nio4r (0.4.3)
    rack (1.5.2)
    rack-cors (0.2.7)
      rack
    rack-protection (1.5.0)
      rack
    rack-test (0.6.2)
      rack (>= 1.0)
    racket (1.0.12)
      bit-struct
    raindrops (0.11.0)
    rake (10.0.3)
    rant (0.5.9)
    sinatra (1.4.2)
      rack (~> 1.5, >= 1.5.2)
      rack-protection (~> 1.4)
      tilt (~> 1.3, >= 1.3.4)
    sinatra-contrib (1.4.0)
      backports (>= 2.0)
      eventmachine
      rack-protection
      rack-test
      sinatra (~> 1.4.2)
      tilt (~> 1.3)
    tilt (1.3.7)
    timers (1.1.0)
    unicorn (4.6.2)
      kgio (~> 2.6)
      rack
      raindrops (~> 0.7)

PLATFORMS
  ruby

DEPENDENCIES
  bit-struct (>= 0.13.7)
  celluloid (= 0.13.0)
  celluloid-io (= 0.13.1)
  json
  rack
  rack-cors
  racket (>= 1.0.12)
  rant (= 0.5.9)
  sinatra
  sinatra-contrib
  trema!
  unicorn
