GIT
  remote: http://github.com/axsh/trema.git
  revision: c338d1b6b628df7fa24e10f38ab4842b3db0da3d
  branch: wakame-edge
  specs:
    trema (0.1.0)
      gli (= 2.0.0)
      rake

GEM
  remote: http://rubygems.org/
  specs:
    celluloid (0.13.0)
      timers (>= 1.0.0)
    celluloid-io (0.13.1)
      celluloid (>= 0.13.0)
      nio4r (>= 0.4.0)
    gli (2.0.0)
    nio4r (0.4.3)
    rack (1.5.2)
    rack-protection (1.5.0)
      rack
    rake (10.0.3)
    rant (0.5.9)
    sinatra (1.4.2)
      rack (~> 1.5, >= 1.5.2)
      rack-protection (~> 1.4)
      tilt (~> 1.3, >= 1.3.4)
    tilt (1.3.7)
    timers (1.1.0)

PLATFORMS
  ruby

DEPENDENCIES
  celluloid (= 0.13.0)
  celluloid-io (= 0.13.1)
  rake (= 10.0.3)
  rant (= 0.5.9)
  sinatra
  trema!
